GEM
  specs:
    semver (1.0.1)

PLATFORMS
  ruby

DEPENDENCIES
  semver
